GIT
  remote: https://github.com/nex3/sass.git
  revision: 4704960a0548d2aae444e9cbffffb430ee3f1ec8
  specs:
    sass (3.3.0.rc.1)
      listen (~> 1.1.0)

PATH
  remote: .
  specs:
    compass-core (0.0.1)
      sass (>= 3.3.rc.1)

GEM
  remote: https://rubygems.org/
  specs:
    coderay (1.0.9)
    diff-lcs (1.1.3)
    ffi (1.9.3)
    listen (1.1.6)
      rb-fsevent (>= 0.9.3)
      rb-inotify (>= 0.9)
      rb-kqueue (>= 0.2)
    method_source (0.8.2)
    pry (0.9.12.2)
      coderay (~> 1.0.5)
      method_source (~> 0.8)
      slop (~> 3.4)
    rake (10.1.0)
    rb-fsevent (0.9.3)
    rb-inotify (0.9.2)
      ffi (>= 0.5.0)
    rb-kqueue (0.2.0)
      ffi (>= 0.5.0)
    slop (3.4.6)
    timecop (0.6.3)
    true (0.2.0.rc.3)
      sass (~> 3.3.0.rc.1)

PLATFORMS
  ruby

DEPENDENCIES
  bundler (~> 1.3)
  compass-core!
  diff-lcs (~> 1.1.2)
  pry
  rake
  sass!
  timecop
  true (~> 0.2.0.rc.3)
