GIT
  remote: git://github.com/chriseppstein/nanoc.git
  revision: 4ecb400489c83fd2068659de0c651733b8dad28f
  specs:
    nanoc3 (3.2.0a3)
      cri (>= 1.0.0)

PATH
  remote: /Users/bmathis/Documents/Workspace/compass-projects/compass
  specs:
    compass (0.11.alpha.0.dabd4f6)
      haml (~> 3.0.23)

GEM
  remote: http://rubygems.org/
  specs:
    activesupport (3.0.1)
    coderay (0.9.5)
    compass-susy-plugin (0.8.1)
      compass (>= 0.10.0)
    cri (1.0.1)
    css-slideshow (0.2.0)
      compass (>= 0.10.0.rc3)
    fssm (0.2.0)
    haml (3.0.23)
    i18n (0.4.2)
    json (1.4.6)
    mime-types (1.16)
    nokogiri (1.4.3.1)
    rack (1.2.1)
    rake (0.8.7)
    rdiscount (1.6.5)
    serve (1.0.0)
      activesupport (~> 3.0.1)
      i18n (~> 0.4.1)
      rack (~> 1.2.1)
      tzinfo (~> 0.3.23)
    thor (0.14.4)
    tzinfo (0.3.23)

PLATFORMS
  ruby

DEPENDENCIES
  coderay
  compass!
  compass-susy-plugin (>= 0.7.0.pre8)
  css-slideshow (= 0.2.0)
  fssm
  haml (>= 3.0.23)
  json
  mime-types
  nanoc3!
  nokogiri
  rack
  rake
  rdiscount
  serve (= 1.0.0)
  thor
