GIT
  remote: git://github.com/Compass/compass-theme.git
  revision: e870bc7c1d9124636280b974ccfc395eed097411
  specs:
    compass-theme (0.0.2)
      compass (~> 0.11)
      compass-susy-plugin (~> 0.7.0)
      css-slideshow (= 0.2.0)

PATH
  remote: ..
  specs:
    compass (0.13.alpha.3.fe13089)
      chunky_png (~> 1.2)
      listen (<= 0.9.9)
      sass (~> 3.2.5)

GEM
  remote: https://rubygems.org/
  specs:
    activesupport (3.0.17)
    adsf (1.1.1)
      rack (>= 1.0.0)
    builder (3.1.4)
<<<<<<< HEAD
    chunky_png (1.2.8)
=======
    chunky_png (1.2.7)
>>>>>>> e9295c558e0cc59fe0e3e45860d648493b6dd2e4
    coderay (1.0.8)
    colored (1.2)
    compass-susy-plugin (0.7.0)
      compass (>= 0.10.0)
    cri (2.3.0)
      colored (>= 1.2)
    css-slideshow (0.2.0)
      compass (>= 0.10.0.rc3)
    css_parser (1.0.1)
    daemons (1.1.9)
    eventmachine (1.0.0)
    ffi (1.1.5)
    foreman (0.60.2)
      thor (>= 0.13.6)
    haml (3.1.7)
    i18n (0.6.1)
    json (1.7.5)
    listen (0.7.3)
    mime-types (1.19)
    nanoc (3.4.3)
      cri (~> 2.2)
    nokogiri (1.5.5)
    rack (1.4.1)
    rake (0.9.2.2)
    rb-fsevent (0.9.2)
    rb-inotify (0.8.8)
      ffi (>= 0.5.0)
    rdiscount (1.6.8)
    ruby-prof (0.11.2)
    sass (3.2.7)
    thin (1.5.0)
      daemons (>= 1.0.9)
      eventmachine (>= 0.12.6)
      rack (>= 1.0.0)
    thor (0.16.0)

PLATFORMS
  ruby

DEPENDENCIES
  activesupport (~> 3.0.10)
  adsf
  builder
  coderay
  compass!
  compass-theme!
  css_parser (= 1.0.1)
  foreman
  haml
  i18n
  json
  mime-types
  nanoc (~> 3.4.2)
  nokogiri
  rack
  rake
  rb-fsevent
  rb-inotify
  rdiscount
  ruby-prof
  thin
  thor
