GIT
  remote: git://github.com/Compass/compass-theme.git
  revision: e870bc7c1d9124636280b974ccfc395eed097411
  specs:
    compass-theme (0.0.2)
      compass (~> 0.11)
      compass-susy-plugin (~> 0.7.0)
      css-slideshow (= 0.2.0)

GIT
  remote: https://github.com/ddfreyne/nanoc.git
  revision: 09f973f67b4768b1d32151289aede81d43dffdd4
  specs:
    nanoc (3.6.3)
      cri (~> 2.3)

PATH
  remote: ..
  specs:
    compass (0.13.alpha.2.2408d23)
      chunky_png (~> 1.2)
      listen (<= 0.9.9)
      sass (~> 3.2.5)

GEM
  remote: http://rubygems.org/
  specs:
    activesupport (3.0.20)
    adsf (1.1.1)
      rack (>= 1.0.0)
    builder (3.2.0)
    chunky_png (1.2.8)
    coderay (1.0.9)
    colored (1.2)
    compass-susy-plugin (0.7.0)
      compass (>= 0.10.0)
    cri (2.3.0)
      colored (>= 1.2)
    css-slideshow (0.2.0)
      compass (>= 0.10.0.rc3)
    css_parser (1.0.1)
    daemons (1.1.9)
    eventmachine (1.0.3)
    ffi (1.7.0)
    foreman (0.62.0)
      thor (>= 0.13.6)
    haml (4.0.2)
      tilt
    i18n (0.6.4)
    json (1.7.7)
    listen (0.7.3)
    mime-types (1.22)
    nokogiri (1.5.9)
    rack (1.5.2)
    rake (10.0.4)
    rb-fsevent (0.9.3)
    rb-inotify (0.9.0)
      ffi (>= 0.5.0)
    rdiscount (2.0.7.2)
    ruby-prof (0.13.0)
    sass (3.2.7)
    thin (1.5.1)
      daemons (>= 1.0.9)
      eventmachine (>= 0.12.6)
      rack (>= 1.0.0)
    thor (0.18.1)
    tilt (1.3.7)

PLATFORMS
  ruby

DEPENDENCIES
  activesupport (~> 3.0.10)
  adsf
  builder
  coderay
  compass!
  compass-theme!
  css_parser (= 1.0.1)
  foreman
  haml
  i18n
  json
  mime-types
  nanoc!
  nokogiri
  rack
  rake
  rb-fsevent
  rb-inotify
  rdiscount
  ruby-prof
  thin
  thor
